GEM
  remote: http://rubygems.org/
  specs:
    RedCloth (4.3.2)
    albino (1.3.3)
      posix-spawn (>= 0.3.6)
    byebug (11.0.1)
    chunky_png (1.2.6)
    classifier (1.3.3)
      fast-stemmer (>= 1.0.0)
    compass (0.12.2)
      chunky_png (~> 1.2)
      fssm (>= 0.2.7)
      sass (~> 3.1)
    directory_watcher (1.4.1)
    fast-stemmer (1.0.1)
    fssm (0.2.9)
    haml (3.1.7)
    highline (1.6.15)
    jekyll (0.11.2)
      albino (~> 1.3)
      classifier (~> 1.3)
      directory_watcher (~> 1.1)
      kramdown (~> 0.13)
      liquid (~> 2.3)
      maruku (~> 0.5)
    kramdown (0.14.1)
    liquid (2.4.1)
    maruku (0.6.1)
      syntax (>= 1.0.0)
    multi_json (1.13.1)
    net-ssh (2.6.2)
    posix-spawn (0.3.6)
    pygments.rb (1.2.1)
      multi_json (>= 1.0.0)
    rack (1.6.13)
    rake (10.0.2)
    rb-fsevent (0.9.2)
    rdiscount (1.6.8)
    rubypants (0.2.0)
    sass (3.2.3)
    sinatra (1.2.6)
      rack (~> 1.1)
      tilt (>= 1.2.2, < 2.0)
    stringex (1.5.1)
    syntax (1.0.0)
    tilt (1.3.3)
    yajl-ruby (1.4.1)

PLATFORMS
  ruby

DEPENDENCIES
  RedCloth (>= 4.3.0)
  byebug
  compass (>= 0.11)
  haml (>= 3.1)
  highline
  jekyll
  net-ssh
  pygments.rb (>= 1.2.1)
  rack (>= 1.6.11)
  rake
  rb-fsevent
  rdiscount
  rubypants
  sinatra (= 1.2.6)
  stringex
  yajl-ruby (>= 1.3.1)

BUNDLED WITH
   1.13.2
